PATH
  remote: .
  specs:
    eycap (0.6.4)
      capistrano (>= 2.2.0)

GEM
  remote: http://rubygems.org/
  specs:
    capistrano (2.13.5)
      highline
      net-scp (>= 1.0.0)
      net-sftp (>= 2.0.0)
      net-ssh (>= 2.0.14)
      net-ssh-gateway (>= 1.1.0)
    highline (1.6.15)
    minitest (4.3.3)
    minitest-capistrano (0.1.3)
      capistrano (~> 2.9)
      minitest
    net-scp (1.0.4)
      net-ssh (>= 1.99.1)
    net-sftp (2.0.5)
      net-ssh (>= 2.0.9)
    net-ssh (2.6.2)
    net-ssh-gateway (1.1.0)
      net-ssh (>= 1.99.1)
    rake (10.0.2)

PLATFORMS
  ruby

DEPENDENCIES
  eycap!
  minitest
  minitest-capistrano
  rake
